GEM
  remote: https://rubygems.org/
  specs:
    adsf (1.1.1)
      rack (>= 1.0.0)
    colored (1.2)
    cri (2.6.1)
      colored (~> 1.2)
    json (1.8.1)
    kramdown (0.14.2)
    mime-types (2.3)
    nanoc (3.7.3)
      cri (~> 2.3)
    nokogiri (1.5.11)
    posix-spawn (0.3.9)
    pygments.rb (0.3.7)
      posix-spawn (~> 0.3.6)
      yajl-ruby (~> 1.1.0)
    rack (1.5.2)
    rake (10.0.4)
    sass (3.4.5)
    w3c_validators (1.2)
      json
      nokogiri
    yajl-ruby (1.1.0)

PLATFORMS
  ruby

DEPENDENCIES
  adsf (~> 1.1.1)
  kramdown (~> 0.14.2)
  mime-types
  nanoc
  nokogiri (~> 1.5.6)
  pygments.rb (~> 0.3.7)
  rake (~> 10.0.3)
  sass
  w3c_validators
  yajl-ruby (= 1.1.0)
