GEM
  remote: https://rubygems.org/
  specs:
    adsf (1.1.1)
      rack (>= 1.0.0)
    cri (2.15.9)
    json (2.2.0)
    kramdown (0.14.2)
    mime-types (2.3)
    multi_json (1.13.1)
    nanoc (3.7.3)
      cri (~> 2.3)
    nokogiri (1.5.11)
    pygments.rb (1.2.1)
      multi_json (>= 1.0.0)
    rack (1.5.2)
    rake (10.0.4)
    sass (3.4.5)
    w3c_validators (1.2)
      json
      nokogiri
    yajl-ruby (1.4.1)

PLATFORMS
  ruby

DEPENDENCIES
  adsf (~> 1.1.1)
  bundler (= 2.0.2)
  json (= 2.2.0)
  kramdown (~> 0.14.2)
  mime-types
  nanoc (= 3.7.3)
  nokogiri (~> 1.5.6)
  pygments.rb (~> 1.2.1)
  rake (~> 10.0.3)
  sass
  w3c_validators
  yajl-ruby (= 1.4.1)

BUNDLED WITH
   2.0.2
