GEM
  remote: https://rubygems.org/
  specs:
    adsf (1.1.1)
      rack (>= 1.0.0)
    colored (1.2)
    cri (2.3.0)
      colored (>= 1.2)
    kramdown (0.14.2)
    nanoc (3.6.1)
      cri (~> 2.3)
    nokogiri (1.5.6)
    posix-spawn (0.3.6)
    pygments.rb (0.3.7)
      posix-spawn (~> 0.3.6)
      yajl-ruby (~> 1.1.0)
    rack (1.5.2)
    rake (10.0.3)
    sass (3.2.7)
    yajl-ruby (1.1.0)

PLATFORMS
  ruby

DEPENDENCIES
  adsf (~> 1.1.1)
  kramdown (~> 0.14.2)
  nanoc
  nokogiri (~> 1.5.6)
  pygments.rb (~> 0.3.7)
  rake (~> 10.0.3)
  sass
  yajl-ruby (= 1.1.0)
